GIT
  remote: git://github.com/Mehonoshin/omni_scrapper.git
  revision: dfe971485bd3701618ce87da5be7e0e1938f6c28
  specs:
    omni_scrapper (1.0.1)
      mechanize

GIT
  remote: git://github.com/Mehonoshin/rainbow_storage.git
  revision: 607f06ce4f7b4c3f0be7aa222f45dbfb3fe8f23b
  specs:
    rainbow_storage (1.0.1)
      s3 (= 0.3.25)

GEM
  remote: https://rubygems.org/
  specs:
    addressable (2.5.1)
      public_suffix (~> 2.0, >= 2.0.2)
    awesome_print (1.8.0)
    capybara (2.14.4)
      addressable
      mime-types (>= 1.16)
      nokogiri (>= 1.3.3)
      rack (>= 1.0.0)
      rack-test (>= 0.5.4)
      xpath (~> 2.0)
    concurrent-ruby (1.0.5)
    connection_pool (2.2.1)
    domain_name (0.5.20170404)
      unf (>= 0.0.5, < 1.0.0)
    dotenv (2.2.1)
    dry-configurable (0.7.0)
      concurrent-ruby (~> 1.0)
    dry-container (0.6.0)
      concurrent-ruby (~> 1.0)
      dry-configurable (~> 0.1, >= 0.1.3)
    dry-core (0.3.1)
      concurrent-ruby (~> 1.0)
    dry-equalizer (0.2.0)
    dry-initializer (1.4.1)
    dry-logic (0.4.1)
      dry-container (~> 0.2, >= 0.2.6)
      dry-core (~> 0.2)
      dry-equalizer (~> 0.2)
    dry-struct (0.3.0)
      dry-configurable (~> 0.1)
      dry-core (~> 0.3)
      dry-equalizer (~> 0.2)
      dry-types (~> 0.9, >= 0.9.0)
      ice_nine (~> 0.11)
    dry-types (0.10.3)
      concurrent-ruby (~> 1.0)
      dry-configurable (~> 0.1)
      dry-container (~> 0.3)
      dry-core (~> 0.2, >= 0.2.1)
      dry-equalizer (~> 0.2)
      dry-logic (~> 0.4, >= 0.4.0)
      inflecto (~> 0.0.0, >= 0.0.2)
    dry-validation (0.10.7)
      concurrent-ruby (~> 1.0)
      dry-configurable (~> 0.1, >= 0.1.3)
      dry-core (~> 0.2, >= 0.2.1)
      dry-equalizer (~> 0.2)
      dry-logic (~> 0.4, >= 0.4.0)
      dry-types (~> 0.9, >= 0.9.0)
    haml (5.0.1)
      temple (>= 0.8.0)
      tilt
    hanami (1.0.0)
      bundler (~> 1.13)
      concurrent-ruby (~> 1.0)
      hanami-assets (~> 1.0)
      hanami-controller (~> 1.0)
      hanami-helpers (~> 1.0)
      hanami-mailer (~> 1.0)
      hanami-router (~> 1.0)
      hanami-utils (~> 1.0)
      hanami-validations (~> 1.0)
      hanami-view (~> 1.0)
      thor (~> 0.19)
    hanami-assets (1.0.0)
      hanami-helpers (~> 1.0)
      hanami-utils (~> 1.0)
      tilt (~> 2.0, >= 2.0.2)
    hanami-controller (1.0.0)
      hanami-utils (~> 1.0)
      rack (~> 2.0)
    hanami-helpers (1.0.0)
      hanami-utils (~> 1.0)
    hanami-mailer (1.0.0)
      hanami-utils (~> 1.0)
      mail (~> 2.5)
      tilt (~> 2.0, >= 2.0.1)
    hanami-model (1.0.1)
      concurrent-ruby (~> 1.0)
      dry-types (~> 0.10)
      hanami-utils (~> 1.0)
      rom-repository (~> 1.3)
      rom-sql (~> 1.3)
    hanami-router (1.0.0)
      hanami-utils (~> 1.0)
      http_router (= 0.11.2)
      rack (~> 2.0)
    hanami-utils (1.0.1)
      transproc (~> 1.0)
    hanami-validations (1.0.0)
      dry-validation (~> 0.10)
      hanami-utils (~> 1.0)
    hanami-view (1.0.0)
      hanami-utils (~> 1.0)
      tilt (~> 2.0, >= 2.0.1)
    http-cookie (1.0.3)
      domain_name (~> 0.5)
    http_router (0.11.2)
      rack (>= 1.0.0)
      url_mount (~> 0.2.1)
    ice_nine (0.11.2)
    inflecto (0.0.2)
    json-schema (2.8.0)
      addressable (>= 2.4)
    mail (2.6.6)
      mime-types (>= 1.16, < 4)
    mechanize (2.7.5)
      domain_name (~> 0.5, >= 0.5.1)
      http-cookie (~> 1.0)
      mime-types (>= 1.17.2)
      net-http-digest_auth (~> 1.1, >= 1.1.1)
      net-http-persistent (~> 2.5, >= 2.5.2)
      nokogiri (~> 1.6)
      ntlm-http (~> 0.1, >= 0.1.1)
      webrobots (>= 0.0.9, < 0.2)
    mime-types (3.1)
      mime-types-data (~> 3.2015)
    mime-types-data (3.2016.0521)
    mini_portile2 (2.2.0)
    minitest (5.10.2)
    mustermann (1.0.0)
    net-http-digest_auth (1.4.1)
    net-http-persistent (2.9.4)
    nokogiri (1.8.0)
      mini_portile2 (~> 2.2.0)
    ntlm-http (0.1.1)
    pg (0.21.0)
    proxies (0.2.1)
    public_suffix (2.0.5)
    rack (2.0.3)
    rack-protection (2.0.0.rc1)
      rack
    rack-test (0.6.3)
      rack (>= 1.0)
    rake (12.0.0)
    redis (3.3.3)
    rom (3.2.3)
      concurrent-ruby (~> 1.0)
      dry-core (~> 0.3)
      dry-equalizer (~> 0.2)
      dry-initializer (~> 1.3)
      dry-types (~> 0.9, >= 0.9.4)
      rom-mapper (~> 0.5, >= 0.5.1)
    rom-mapper (0.5.1)
      dry-core (~> 0.2, >= 0.2.3)
      dry-equalizer (~> 0.2)
      transproc (~> 1.0)
    rom-repository (1.3.3)
      dry-core (~> 0.3, >= 0.3.1)
      dry-struct (~> 0.1)
      rom (~> 3.2, >= 3.2.3)
      rom-mapper (~> 0.5)
    rom-sql (1.3.3)
      dry-core (~> 0.3)
      dry-equalizer (~> 0.2)
      dry-types (~> 0.10, >= 0.10.2)
      rom (~> 3.2, >= 3.2.2)
      sequel (~> 4.43)
    s3 (0.3.25)
      proxies (~> 0.2.0)
    sequel (4.47.0)
    shotgun (0.9.2)
      rack (>= 1.0)
    sidekiq (5.0.0.beta2)
      concurrent-ruby (~> 1.0)
      connection_pool (~> 2.2, >= 2.2.0)
      rack-protection (>= 1.5.0)
      redis (~> 3.2, >= 3.2.1)
    sinatra (2.0.0.rc1)
      mustermann (= 1.0.0)
      rack (~> 2.0)
      rack-protection (= 2.0.0.rc1)
      tilt (~> 2.0)
    temple (0.8.0)
    thor (0.19.4)
    tilt (2.0.7)
    transproc (1.0.2)
    unf (0.1.4)
      unf_ext
    unf_ext (0.0.7.4)
    url_mount (0.2.1)
      rack
    webrobots (0.1.2)
    xpath (2.1.0)
      nokogiri (~> 1.3)

PLATFORMS
  ruby

DEPENDENCIES
  awesome_print
  capybara
  dotenv (~> 2.0)
  haml
  hanami (= 1.0.0)
  hanami-model (~> 1.0.0)
  json-schema
  mechanize
  minitest
  omni_scrapper!
  pg
  rainbow_storage!
  rake
  shotgun
  sidekiq (= 5.0.0.beta2)
  sinatra (= 2.0.0.rc1)

BUNDLED WITH
   1.15.1
